GEM
  remote: http://rubygems.org/
  specs:
    RedCloth (4.2.8)
    daemons (1.0.10)
    erubis (2.7.0)
    gem_plugin (0.2.3)
    itextomml (1.4.9)
    json (1.6.1)
    mongrel (1.2.0.pre2)
      daemons (~> 1.0.10)
      gem_plugin (~> 0.2.3)
    mysql (2.8.1)
    nokogiri (1.5.0)
    rack (1.3.5)
    rake (0.9.2.2)
    rdoc (3.11)
      json (~> 1.4)
    rubyzip (0.9.4)

PLATFORMS
  ruby

DEPENDENCIES
  RedCloth (>= 4.0.0)
  erubis
  itextomml (>= 1.4.7)
  json
  mongrel (>= 1.2.0.pre2)
  mysql
  nokogiri
  rack (>= 1.1.0)
  rake
  rdoc
  rubyzip
